GEM
  remote: https://rubygems.org/
  specs:
    amq-protocol (1.9.2)
    bunny (1.0.7)
      amq-protocol (>= 1.9.2)
    elasticsearch (0.4.3)
      elasticsearch-api (= 0.4.3)
      elasticsearch-transport (= 0.4.3)
    elasticsearch-api (0.4.3)
      multi_json
    elasticsearch-transport (0.4.3)
      faraday
      multi_json
    faker (0.9.5)
      i18n (~> 0.4)
    faraday (0.8.8)
      multipart-post (~> 1.2.0)
    hashie (2.0.5)
    i18n (0.4.2)
    multi_json (1.8.2)
    multipart-post (1.2.0)
    redis (3.0.6)

PLATFORMS
  ruby

DEPENDENCIES
  bunny
  elasticsearch (~> 0.4.3)
  faker
  hashie (~> 2.0.5)
  redis
